GIT
  remote: git://github.com/LootCrate/survey-gizmo-ruby.git
  revision: 8993f3c3148dfec08560de4e323ddca07d6c4a62
  branch: rails4
  specs:
    survey-gizmo-ruby (1.0.4)
      activesupport (>= 4.0)
      addressable
      httparty
      i18n
      virtus (>= 1.0.0)

GIT
  remote: git://github.com/activeadmin/active_admin.git
  revision: 8a3c121555a6e18bb339c16655055e8a4184f1b2
  specs:
    activeadmin (1.0.0.pre1)
      arbre (~> 1.0, >= 1.0.2)
      bourbon
      coffee-rails
      formtastic (~> 3.1)
      formtastic_i18n
      inherited_resources (~> 1.6)
      jquery-rails
      jquery-ui-rails (~> 5.0)
      kaminari (~> 0.15)
      rails (>= 3.2, < 5.0)
      ransack (~> 1.3)
      sass-rails

GIT
  remote: git://github.com/jsqu99/wombat-ruby.git
  revision: 3ccfe2a0e7b11fd275f9d06aee7b7ba394a8ab79
  specs:
    wombat-ruby (0.0.1)
      active_model_serializers (= 0.9.0.alpha1)
      httparty

GIT
  remote: git://github.com/nixme/jazz_hands.git
  revision: 5e4b48f145883ecb14b55bf04eacc28ac9662676
  branch: bring-your-own-debugger
  specs:
    jazz_hands (0.5.2)
      awesome_print (~> 1.2)
      coolline (>= 0.4.2)
      hirb (~> 0.7.1)
      pry (~> 0.9.12)
      pry-doc (~> 0.4.6)
      pry-git (~> 0.2.3)
      pry-rails (~> 0.3.2)
      pry-remote (>= 0.1.7)
      pry-stack_explorer (~> 0.4.9)
      railties (>= 3.0, < 5.0)

GIT
  remote: https://github.com/dbellotti/carmen.git
  revision: 8cc03ebd667ec5a7a23bce872e4f98112b0c2d13
  branch: overlay_data_path_fix
  specs:
    carmen (1.0.0)
      unicode_utils (~> 1.4.0)

GEM
  remote: https://rubygems.org/
  specs:
    CFPropertyList (2.3.1)
    actionmailer (4.2.3)
      actionpack (= 4.2.3)
      actionview (= 4.2.3)
      activejob (= 4.2.3)
      mail (~> 2.5, >= 2.5.4)
      rails-dom-testing (~> 1.0, >= 1.0.5)
    actionpack (4.2.3)
      actionview (= 4.2.3)
      activesupport (= 4.2.3)
      rack (~> 1.6)
      rack-test (~> 0.6.2)
      rails-dom-testing (~> 1.0, >= 1.0.5)
      rails-html-sanitizer (~> 1.0, >= 1.0.2)
    actionpack-page_caching (1.0.2)
      actionpack (>= 4.0.0, < 5)
    actionview (4.2.3)
      activesupport (= 4.2.3)
      builder (~> 3.1)
      erubis (~> 2.7.0)
      rails-dom-testing (~> 1.0, >= 1.0.5)
      rails-html-sanitizer (~> 1.0, >= 1.0.2)
    active_admin_import (2.1.2)
      activeadmin (>= 0.6.0)
      activerecord-import (~> 0.4, >= 0.4.1)
      rubyzip (~> 1.0, >= 1.0.0)
    active_model_serializers (0.9.0.alpha1)
      activemodel (>= 3.2)
    activejob (4.2.3)
      activesupport (= 4.2.3)
      globalid (>= 0.3.0)
    activemodel (4.2.3)
      activesupport (= 4.2.3)
      builder (~> 3.1)
    activerecord (4.2.3)
      activemodel (= 4.2.3)
      activesupport (= 4.2.3)
      arel (~> 6.0)
    activerecord-import (0.10.0)
      activerecord (>= 3.0)
    activeresource (4.0.0)
      activemodel (~> 4.0)
      activesupport (~> 4.0)
      rails-observers (~> 0.1.1)
    activesupport (4.2.3)
      i18n (~> 0.7)
      json (~> 1.7, >= 1.7.7)
      minitest (~> 5.1)
      thread_safe (~> 0.3, >= 0.3.4)
      tzinfo (~> 1.1)
    addressable (2.3.8)
    airbrake (4.3.0)
      builder
      multi_json
    arbre (1.0.3)
      activesupport (>= 3.0.0)
    arel (6.0.2)
    aspector (0.14.0)
    autoprefixer-rails (5.2.1.1)
      execjs
      json
    avatax (14.4.4)
      addressable (~> 2.3)
      json (~> 1.8)
      rest-client (~> 1.7)
    awesome_print (1.6.1)
    axiom-types (0.1.1)
      descendants_tracker (~> 0.0.4)
      ice_nine (~> 0.11.0)
      thread_safe (~> 0.3, >= 0.3.1)
    bcrypt (3.1.10)
    benchmark-ips (2.3.0)
    better_errors (2.1.1)
      coderay (>= 1.0.0)
      erubis (>= 2.6.6)
      rack (>= 0.9.0)
    binding_of_caller (0.7.2)
      debug_inspector (>= 0.0.1)
    bootstrap-sass (3.3.5.1)
      autoprefixer-rails (>= 5.0.0.1)
      sass (>= 3.3.0)
    bourbon (4.2.3)
      sass (~> 3.4)
      thor
    bourne (1.6.0)
      mocha (~> 1.1)
    builder (3.2.2)
    byebug (2.7.0)
      columnize (~> 0.3)
      debugger-linecache (~> 1.2)
    cancan (1.6.10)
    capybara (2.4.4)
      mime-types (>= 1.16)
      nokogiri (>= 1.3.3)
      rack (>= 1.0.0)
      rack-test (>= 0.5.4)
      xpath (~> 2.0)
    capybara-console (0.0.4)
      capybara
      rails (>= 3.0)
    carmen-rails (1.0.1)
      carmen (~> 1.0.0)
      rails
    carrierwave (0.10.0)
      activemodel (>= 3.2.0)
      activesupport (>= 3.2.0)
      json (>= 1.7)
      mime-types (>= 1.16)
    celluloid (0.16.0)
      timers (~> 4.0.0)
    chargify_api_ares (1.3.4)
      activeresource (>= 3.2.16)
    childprocess (0.5.6)
      ffi (~> 1.0, >= 1.0.11)
    cliver (0.3.2)
    clockwork (1.2.0)
      activesupport
      tzinfo
    cmdparse (3.0.1)
    codeclimate-test-reporter (0.4.7)
      simplecov (>= 0.7.1, < 1.0.0)
    coderay (1.1.0)
    coercible (1.0.0)
      descendants_tracker (~> 0.0.1)
    coffee-rails (4.1.0)
      coffee-script (>= 2.2.0)
      railties (>= 4.0.0, < 5.0)
    coffee-script (2.4.1)
      coffee-script-source
      execjs
    coffee-script-source (1.9.1.1)
    columnize (0.9.0)
    connection_pool (2.2.0)
    coolline (0.5.0)
      unicode_utils (~> 1.4)
    coveralls (0.8.2)
      json (~> 1.8)
      rest-client (>= 1.6.8, < 2)
      simplecov (~> 0.10.0)
      term-ansicolor (~> 1.3)
      thor (~> 0.19.1)
    crack (0.4.2)
      safe_yaml (~> 1.0.0)
    cssminify (1.0.2)
    cucumber (1.3.20)
      builder (>= 2.1.2)
      diff-lcs (>= 1.1.3)
      gherkin (~> 2.12)
      multi_json (>= 1.7.5, < 2.0)
      multi_test (>= 0.1.2)
    cucumber-rails (1.4.2)
      capybara (>= 1.1.2, < 3)
      cucumber (>= 1.3.8, < 2)
      mime-types (>= 1.16, < 3)
      nokogiri (~> 1.5)
      rails (>= 3, < 5)
    dalli (2.7.4)
    database_cleaner (1.4.1)
    debug_inspector (0.0.2)
    debugger-linecache (1.2.0)
    derailed_benchmarks (1.0.1)
      benchmark-ips (~> 2)
      get_process_mem (~> 0)
      memory_profiler (~> 0)
      rack (~> 1)
      rake (~> 10)
    descendants_tracker (0.0.4)
      thread_safe (~> 0.3, >= 0.3.1)
    devise (3.5.1)
      bcrypt (~> 3.0)
      orm_adapter (~> 0.1)
      railties (>= 3.2.6, < 5)
      responders
      thread_safe (~> 0.1)
      warden (~> 1.2.3)
    devise-encryptable (0.2.0)
      devise (>= 2.1.0)
    diff-lcs (1.2.5)
    diffy (3.0.7)
    docile (1.1.5)
    domain_name (0.5.24)
      unf (>= 0.0.5, < 1.0.0)
    dotenv (2.0.2)
    dotenv-rails (2.0.2)
      dotenv (= 2.0.2)
      railties (~> 4.0)
    email_spec (1.6.0)
      launchy (~> 2.1)
      mail (~> 2.2)
    equalizer (0.0.11)
    erubis (2.7.0)
    excon (0.45.4)
    execjs (2.5.2)
    factory_girl (4.5.0)
      activesupport (>= 3.0.0)
    factory_girl_rails (4.5.0)
      factory_girl (~> 4.5.0)
      railties (>= 3.0.0)
    faker (1.4.3)
      i18n (~> 0.5)
    faraday (0.9.1)
      multipart-post (>= 1.2, < 3)
    ffi (1.9.10)
    figaro (1.1.1)
      thor (~> 0.14)
    fission (0.5.0)
      CFPropertyList (~> 2.2)
    fog (1.32.0)
      fog-atmos
      fog-aws (>= 0.6.0)
      fog-brightbox (~> 0.4)
      fog-core (~> 1.32)
      fog-ecloud (= 0.1.1)
      fog-google (>= 0.0.2)
      fog-json
      fog-local
      fog-powerdns (>= 0.1.1)
      fog-profitbricks
      fog-radosgw (>= 0.0.2)
      fog-riakcs
      fog-sakuracloud (>= 0.0.4)
      fog-serverlove
      fog-softlayer
      fog-storm_on_demand
      fog-terremark
      fog-vmfusion
      fog-voxel
      fog-xml (~> 0.1.1)
      ipaddress (~> 0.5)
      nokogiri (~> 1.5, >= 1.5.11)
    fog-atmos (0.1.0)
      fog-core
      fog-xml
    fog-aws (0.7.4)
      fog-core (~> 1.27)
      fog-json (~> 1.0)
      fog-xml (~> 0.1)
      ipaddress (~> 0.8)
    fog-brightbox (0.8.0)
      fog-core (~> 1.22)
      fog-json
      inflecto (~> 0.0.2)
    fog-core (1.32.0)
      builder
      excon (~> 0.45)
      formatador (~> 0.2)
      mime-types
      net-scp (~> 1.1)
      net-ssh (>= 2.1.3)
    fog-ecloud (0.1.1)
      fog-core
      fog-xml
    fog-google (0.0.7)
      fog-core
      fog-json
      fog-xml
    fog-json (1.0.2)
      fog-core (~> 1.0)
      multi_json (~> 1.10)
    fog-local (0.2.1)
      fog-core (~> 1.27)
    fog-powerdns (0.1.1)
      fog-core (~> 1.27)
      fog-json (~> 1.0)
      fog-xml (~> 0.1)
    fog-profitbricks (0.0.5)
      fog-core
      fog-xml
      nokogiri
    fog-radosgw (0.0.4)
      fog-core (>= 1.21.0)
      fog-json
      fog-xml (>= 0.0.1)
    fog-riakcs (0.1.0)
      fog-core
      fog-json
      fog-xml
    fog-sakuracloud (1.0.1)
      fog-core
      fog-json
    fog-serverlove (0.1.2)
      fog-core
      fog-json
    fog-softlayer (0.4.7)
      fog-core
      fog-json
    fog-storm_on_demand (0.1.1)
      fog-core
      fog-json
    fog-terremark (0.1.0)
      fog-core
      fog-xml
    fog-vmfusion (0.1.0)
      fission
      fog-core
    fog-voxel (0.1.0)
      fog-core
      fog-xml
    fog-xml (0.1.2)
      fog-core
      nokogiri (~> 1.5, >= 1.5.11)
    font-awesome-rails (4.4.0.0)
      railties (>= 3.2, < 5.0)
    font-awesome-sass (4.2.2)
      sass (~> 3.2)
    foreman (0.78.0)
      thor (~> 0.19.1)
    formatador (0.2.5)
    formtastic (3.1.3)
      actionpack (>= 3.2.13)
    formtastic_i18n (0.4.1)
    full-name-splitter (0.1.2)
    gaffe (1.0.2)
      rails (>= 3.2.0)
    geocoder (1.2.9)
    geoip (1.6.1)
    get_process_mem (0.2.0)
    gherkin (2.12.2)
      multi_json (~> 1.3)
    gibbon (1.1.5)
      httparty
      multi_json (>= 1.9.0)
    git-version-bump (0.15.1)
    globalid (0.3.5)
      activesupport (>= 4.1.0)
    greensock-rails (1.17.0.0)
    grit (2.5.0)
      diff-lcs (~> 1.1)
      mime-types (~> 1.15)
      posix-spawn (~> 0.3.6)
    has_scope (0.6.0)
      actionpack (>= 3.2, < 5)
      activesupport (>= 3.2, < 5)
    hashie (3.4.2)
    heroics (0.0.14)
      erubis (~> 2.7.0)
      excon
      moneta
      multi_json (>= 1.9.2)
      netrc
    highline (1.7.3)
    hirb (0.7.3)
    hitimes (1.2.2)
    http-cookie (1.0.2)
      domain_name (~> 0.5)
    httparty (0.13.5)
      json (~> 1.8)
      multi_xml (>= 0.5.2)
    humanize (1.1.0)
    i18n (0.7.0)
    ice_nine (0.11.1)
    imagesLoaded_rails (3.1.8)
      railties (>= 3.1)
    inflection (1.0.0)
    inflecto (0.0.2)
    inherited_resources (1.6.0)
      actionpack (>= 3.2, < 5)
      has_scope (~> 0.6.0.rc)
      railties (>= 3.2, < 5)
      responders
    ipaddress (0.8.0)
    jquery-rails (4.0.4)
      rails-dom-testing (~> 1.0)
      railties (>= 4.2.0)
      thor (>= 0.14, < 2.0)
    jquery-scrollto-rails (1.4.3)
      railties (> 3.1, < 5.0)
    jquery-ui-rails (5.0.5)
      railties (>= 3.2.16)
    jquery-waypoints-rails (2.0.5)
      rails (>= 3.1.0)
    json (1.8.3)
    jwt (1.5.1)
    kaminari (0.16.3)
      actionpack (>= 3.0.0)
      activesupport (>= 3.0.0)
    launchy (2.4.3)
      addressable (~> 2.3)
    letter_opener (1.4.1)
      launchy (~> 2.2)
    loofah (2.0.2)
      nokogiri (>= 1.5.9)
    mail (2.6.3)
      mime-types (>= 1.16, < 3)
    mandrill-api (1.0.53)
      excon (>= 0.16.0, < 1.0)
      json (>= 1.7.7, < 2.0)
    mandrill_mailer (1.0.3)
      actionpack
      activesupport
      mandrill-api (~> 1.0.9)
    masonry-rails (0.2.4)
      railties
    memory_profiler (0.9.4)
    meta_request (0.2.1)
      rack-contrib
      rails
    metaclass (0.0.4)
    method_source (0.8.2)
    mime-types (1.25.1)
    mini_portile (0.6.2)
    minitest (5.7.0)
    mocha (1.1.0)
      metaclass (~> 0.0.1)
    mock_redis (0.15.1)
    moneta (0.8.0)
    monetize (1.1.0)
      money (~> 6.5.0)
    money (6.5.1)
      i18n (>= 0.6.4, <= 0.7.0)
    money-rails (1.4.1)
      activesupport (>= 3.0)
      monetize (~> 1.1.0)
      money (~> 6.5.0)
      railties (>= 3.0)
    multi_json (1.11.2)
    multi_test (0.1.2)
    multi_xml (0.5.5)
    multipart-post (2.0.0)
    net-http-persistent (2.9.4)
    net-scp (1.2.1)
      net-ssh (>= 2.6.5)
    net-ssh (2.9.2)
    net-ssh-gateway (1.2.0)
      net-ssh (>= 2.6.5)
    netrc (0.10.3)
    newrelic_rpm (3.12.1.298)
    nokogiri (1.6.6.2)
      mini_portile (~> 0.6.0)
    oauth2 (1.0.0)
      faraday (>= 0.8, < 0.10)
      jwt (~> 1.0)
      multi_json (~> 1.3)
      multi_xml (~> 0.5)
      rack (~> 1.2)
    omniauth (1.2.2)
      hashie (>= 1.2, < 4)
      rack (~> 1.0)
    omniauth-facebook (2.0.1)
      omniauth-oauth2 (~> 1.2)
    omniauth-oauth2 (1.3.1)
      oauth2 (~> 1.0)
      omniauth (~> 1.2)
    orm_adapter (0.5.0)
    paper_trail (4.0.0)
      activerecord (>= 3.0, < 6.0)
      activesupport (>= 3.0, < 6.0)
      request_store (~> 1.1)
    parallel (1.6.1)
    parallel_tests (0.15.0)
      parallel
    pg (0.18.2)
    platform-api (0.3.0)
      heroics (~> 0.0.10)
    poltergeist (1.6.0)
      capybara (~> 2.1)
      cliver (~> 0.3.1)
      multi_json (~> 1.0)
      websocket-driver (>= 0.2.0)
    polyamorous (1.2.0)
      activerecord (>= 3.0)
    posix-spawn (0.3.11)
    pry (0.9.12.6)
      coderay (~> 1.0)
      method_source (~> 0.8)
      slop (~> 3.4)
    pry-byebug (1.3.2)
      byebug (~> 2.7)
      pry (~> 0.9.12)
    pry-doc (0.4.6)
      pry (>= 0.9)
      yard (>= 0.8)
    pry-git (0.2.3)
      diffy
      grit
      pry (>= 0.9.8)
    pry-rails (0.3.4)
      pry (>= 0.9.10)
    pry-remote (0.1.8)
      pry (~> 0.9)
      slop (~> 3.0)
    pry-stack_explorer (0.4.9.2)
      binding_of_caller (>= 0.7)
      pry (>= 0.9.11)
    puma (2.12.3)
    quiet_assets (1.1.0)
      railties (>= 3.1, < 5.0)
    rack (1.6.4)
    rack-contrib (1.4.0)
      git-version-bump (~> 0.15)
      rack (~> 1.4)
    rack-cors (0.4.0)
    rack-protection (1.5.3)
      rack
    rack-test (0.6.3)
      rack (>= 1.0)
    rack-zippy (3.0.1)
    rails (4.2.3)
      actionmailer (= 4.2.3)
      actionpack (= 4.2.3)
      actionview (= 4.2.3)
      activejob (= 4.2.3)
      activemodel (= 4.2.3)
      activerecord (= 4.2.3)
      activesupport (= 4.2.3)
      bundler (>= 1.3.0, < 2.0)
      railties (= 4.2.3)
      sprockets-rails
    rails-deprecated_sanitizer (1.0.3)
      activesupport (>= 4.2.0.alpha)
    rails-dom-testing (1.0.6)
      activesupport (>= 4.2.0.beta, < 5.0)
      nokogiri (~> 1.6.0)
      rails-deprecated_sanitizer (>= 1.0.1)
    rails-html-sanitizer (1.0.2)
      loofah (~> 2.0)
    rails-i18n (4.0.4)
      i18n (~> 0.6)
      railties (~> 4.0)
    rails-jquery-autocomplete (1.0.1)
      rails (>= 3.2)
    rails-observers (0.1.2)
      activemodel (~> 4.0)
    rails_12factor (0.0.3)
      rails_serve_static_assets
      rails_stdout_logging
    rails_config (0.4.2)
      activesupport (>= 3.0)
    rails_serve_static_assets (0.0.4)
    rails_stdout_logging (0.0.3)
    railties (4.2.3)
      actionpack (= 4.2.3)
      activesupport (= 4.2.3)
      rake (>= 0.8.7)
      thor (>= 0.18.1, < 2.0)
    rake (10.4.2)
    ransack (1.6.6)
      actionpack (>= 3.0)
      activerecord (>= 3.0)
      activesupport (>= 3.0)
      i18n
      polyamorous (~> 1.2)
    recurly (2.4.5)
    redis (3.2.1)
    redis-namespace (1.5.2)
      redis (~> 3.0, >= 3.0.4)
    redlock (0.1.1)
      redis (~> 3, >= 3.0.5)
    request_store (1.2.0)
    responders (2.1.0)
      railties (>= 4.2.0, < 5)
    rest-client (1.8.0)
      http-cookie (>= 1.0.2, < 2.0)
      mime-types (>= 1.16, < 3.0)
      netrc (~> 0.7)
    rolify (4.0.0)
    route_downcaser (1.1.4)
    rspec-activemodel-mocks (1.0.1)
      activemodel (>= 3.0)
      activesupport (>= 3.0)
      rspec-mocks (>= 2.99, < 4.0)
    rspec-core (3.3.2)
      rspec-support (~> 3.3.0)
    rspec-expectations (3.3.1)
      diff-lcs (>= 1.2.0, < 2.0)
      rspec-support (~> 3.3.0)
    rspec-mocks (3.3.2)
      diff-lcs (>= 1.2.0, < 2.0)
      rspec-support (~> 3.3.0)
    rspec-rails (3.3.3)
      actionpack (>= 3.0, < 4.3)
      activesupport (>= 3.0, < 4.3)
      railties (>= 3.0, < 4.3)
      rspec-core (~> 3.3.0)
      rspec-expectations (~> 3.3.0)
      rspec-mocks (~> 3.3.0)
      rspec-support (~> 3.3.0)
    rspec-support (3.3.0)
    rubyzip (1.1.7)
    safe_yaml (1.0.4)
    sailthru-client (4.0.3)
      json
      multipart-post
    sass (3.4.16)
    sass-rails (5.0.3)
      railties (>= 4.0.0, < 5.0)
      sass (~> 3.1)
      sprockets (>= 2.8, < 4.0)
      sprockets-rails (>= 2.0, < 4.0)
      tilt (~> 1.1)
    sauce (3.1.3)
      childprocess (>= 0.1.6)
      cmdparse (>= 2.0.2)
      highline (>= 1.5.0)
      json (>= 1.2.0)
      net-http-persistent
      net-ssh
      net-ssh-gateway
      parallel_tests (= 0.15.0)
      rest-client
      sauce_whisk (~> 0.0.8)
      selenium-webdriver (>= 0.1.2)
    sauce-connect (3.1.0)
      sauce (~> 3.1)
    sauce-cucumber (3.1.1)
      cucumber (>= 1.2.0)
      sauce (~> 3.1.1)
    sauce_whisk (0.0.18)
      json (~> 1.8.1)
      rest-client (~> 1.7)
    select2-rails (3.5.9.3)
      thor (~> 0.14)
    selenium-webdriver (2.47.1)
      childprocess (~> 0.5)
      multi_json (~> 1.0)
      rubyzip (~> 1.0)
      websocket (~> 1.0)
    shoulda-matchers (2.8.0)
      activesupport (>= 3.0.0)
    sidekiq (3.4.2)
      celluloid (~> 0.16.0)
      connection_pool (~> 2.2, >= 2.2.0)
      json (~> 1.0)
      redis (~> 3.2, >= 3.2.1)
      redis-namespace (~> 1.5, >= 1.5.2)
    simple_form (3.1.0)
      actionpack (~> 4.0)
      activemodel (~> 4.0)
    simplecov (0.10.0)
      docile (~> 1.1.0)
      json (~> 1.8)
      simplecov-html (~> 0.10.0)
    simplecov-html (0.10.0)
    sinatra (1.4.6)
      rack (~> 1.4)
      rack-protection (~> 1.4)
      tilt (>= 1.3, < 3)
    slop (3.6.0)
    smarter_csv (1.1.0)
    sprockets (3.2.0)
      rack (~> 1.0)
    sprockets-rails (2.3.2)
      actionpack (>= 3.0)
      activesupport (>= 3.0)
      sprockets (>= 2.8, < 4.0)
    term-ansicolor (1.3.2)
      tins (~> 1.0)
    thor (0.19.1)
    thread_safe (0.3.5)
    tilt (1.4.1)
    time_difference (0.4.2)
      activesupport
    timecop (0.8.0)
    timers (4.0.1)
      hitimes
    tins (1.5.4)
    traceroute (0.5.0)
      rails (>= 3.0.0)
    turbolinks (2.5.3)
      coffee-rails
    tzinfo (1.2.2)
      thread_safe (~> 0.1)
    uglifier (2.7.1)
      execjs (>= 0.3.0)
      json (>= 1.8.0)
    unf (0.1.4)
      unf_ext
    unf_ext (0.0.7.1)
    unicode_utils (1.4.0)
    vcr (2.9.3)
    virtus (1.0.5)
      axiom-types (~> 0.1)
      coercible (~> 1.0)
      descendants_tracker (~> 0.0, >= 0.0.3)
      equalizer (~> 0.0, >= 0.0.9)
    warden (1.2.3)
      rack (>= 1.0)
    webmock (1.21.0)
      addressable (>= 2.3.6)
      crack (>= 0.3.2)
    websocket (1.2.2)
    websocket-driver (0.6.2)
      websocket-extensions (>= 0.1.0)
    websocket-extensions (0.1.2)
    xpath (2.0.0)
      nokogiri (~> 1.3)
    yard (0.8.7.6)
    zendesk_api (1.11.0)
      faraday (~> 0.9)
      hashie (>= 1.2, < 4.0, != 3.3.0)
      inflection
      mime-types
      multipart-post (~> 2.0)
    zeus (0.15.4)
      method_source (>= 0.6.7)

PLATFORMS
  ruby

DEPENDENCIES
  actionpack-page_caching
  active_admin_import
  active_model_serializers
  activeadmin!
  activerecord-import
  airbrake
  aspector
  avatax
  bcrypt (~> 3.1.7)
  better_errors
  binding_of_caller
  bootstrap-sass (~> 3.3.4)
  bourne
  cancan (>= 1.6.8)
  capybara (>= 1.1.2)
  capybara-console
  carmen!
  carmen-rails (~> 1.0.0)
  carrierwave
  chargify_api_ares
  clockwork
  codeclimate-test-reporter
  coffee-rails
  connection_pool
  coveralls
  cssminify
  cucumber-rails
  dalli
  database_cleaner (>= 0.9.1)
  derailed_benchmarks
  devise (>= 2.1.2)
  devise-encryptable
  dotenv-rails
  email_spec (>= 1.2.1)
  factory_girl_rails (>= 4.1.0)
  faker
  figaro
  fog
  font-awesome-rails
  font-awesome-sass (~> 4.2.0)
  foreman
  full-name-splitter (~> 0.1.2)
  gaffe
  geocoder
  geoip
  gibbon (~> 1.1.4)
  greensock-rails
  highline
  httparty
  humanize
  imagesLoaded_rails
  jazz_hands!
  jquery-rails
  jquery-scrollto-rails
  jquery-ui-rails
  jquery-waypoints-rails (~> 2.0.5)
  launchy (>= 2.1.2)
  letter_opener
  mandrill_mailer
  masonry-rails
  meta_request (= 0.2.1)
  mocha
  mock_redis
  money-rails
  newrelic_rpm
  omniauth
  omniauth-facebook
  paper_trail (~> 4.0.0.beta)
  parallel_tests
  pg
  platform-api
  poltergeist
  pry-byebug
  puma
  quiet_assets (>= 1.0.1)
  rack-cors
  rack-zippy
  rails (~> 4.0)
  rails-i18n (~> 4.0.0)
  rails-jquery-autocomplete
  rails_12factor
  rails_config
  rake
  recurly (~> 2.4.2)
  redis
  redlock
  rolify (>= 3.2.0)
  route_downcaser
  rspec-activemodel-mocks
  rspec-rails (>= 2.11.4)
  sailthru-client
  sass-rails
  sauce (~> 3.1.1)
  sauce-connect
  sauce-cucumber
  select2-rails
  selenium-webdriver
  shoulda-matchers
  sidekiq
  simple_form
  simplecov
  sinatra
  smarter_csv
  sprockets-rails
  survey-gizmo-ruby!
  time_difference
  timecop
  traceroute
  turbolinks
  uglifier (>= 1.3.0)
  unf
  vcr
  webmock
  wombat-ruby!
  zendesk_api
  zeus

BUNDLED WITH
   1.10.6
